NRRD0001
content: skull
dimension: 3
type: unsigned char
sizes: 256 256 256
spacings: 1 1 1
endian: little
data file: ./skull.raw
encoding: raw
